GIT
  remote: http://github.com/distler/maruku.git
  revision: 91b4ccdd0c59936418800ede6b2d8a2694fa9e1f
  branch: nokogiri
  specs:
    maruku (0.7.1.beta1)
      itextomml (>= 1.5.0)
      nokogiri (~> 1.5, >= 1.5.6)
      syntax (~> 1.1.0)

GEM
  remote: http://rubygems.org/
  specs:
    actionpack (3.2.18)
      activemodel (= 3.2.18)
      activesupport (= 3.2.18)
      builder (~> 3.0.0)
      erubis (~> 2.7.0)
      journey (~> 1.0.4)
      rack (~> 1.4.5)
      rack-cache (~> 1.2)
      rack-test (~> 0.6.1)
      sprockets (~> 2.2.1)
    activemodel (3.2.18)
      activesupport (= 3.2.18)
      builder (~> 3.0.0)
    activesupport (3.2.18)
      i18n (~> 0.6, >= 0.6.4)
      multi_json (~> 1.0)
    builder (3.0.4)
    daemons (1.1.9)
    erubis (2.7.0)
    eventmachine (1.0.3)
    hike (1.2.3)
    i18n (0.6.9)
    itextomml (1.5.1)
    journey (1.0.4)
    json (1.8.1)
    mini_portile (0.5.3)
    multi_json (1.10.0)
    nokogiri (1.6.1)
      mini_portile (~> 0.5.0)
    rack (1.4.5)
    rack-cache (1.2)
      rack (>= 0.4)
    rack-ssl (1.3.4)
      rack
    rack-test (0.6.2)
      rack (>= 1.0)
    railties (3.2.18)
      actionpack (= 3.2.18)
      activesupport (= 3.2.18)
      rack-ssl (~> 1.3.2)
      rake (>= 0.8.7)
      rdoc (~> 3.4)
      thor (>= 0.14.6, < 2.0)
    rake (10.3.1)
    rdoc (3.12.2)
      json (~> 1.4)
    sprockets (2.2.2)
      hike (~> 1.2)
      multi_json (~> 1.0)
      rack (~> 1.0)
      tilt (~> 1.1, != 1.3.0)
    syntax (1.1.0)
    thin (1.6.2)
      daemons (>= 1.0.9)
      eventmachine (>= 1.0.0)
      rack (>= 1.0.0)
    thor (0.19.1)
    thread_safe (0.3.3)
    tilt (1.4.1)
    tzinfo (1.1.0)
      thread_safe (~> 0.1)

PLATFORMS
  ruby

DEPENDENCIES
  actionpack (~> 3.2)
  itextomml (>= 1.5.1)
  json
  maruku!
  railties (~> 3.2)
  syntax (~> 1.1.0)
  thin
  tzinfo
