GIT
  remote: http://github.com/distler/maruku.git
  revision: dd76daf3bf25dbf014fb4e5de15cde05d176c60f
  branch: nokogiri
  specs:
    maruku (0.7.3.beta1)
      itextomml (>= 1.5.0)
      nokogiri (~> 1.5, >= 1.5.6)
      syntax (~> 1.1.0)

GEM
  remote: http://rubygems.org/
  specs:
    actionpack (5.2.2.1)
      actionview (= 5.2.2.1)
      activesupport (= 5.2.2.1)
      rack (~> 2.0)
      rack-test (>= 0.6.3)
      rails-dom-testing (~> 2.0)
      rails-html-sanitizer (~> 1.0, >= 1.0.2)
    actionview (5.2.2.1)
      activesupport (= 5.2.2.1)
      builder (~> 3.1)
      erubi (~> 1.4)
      rails-dom-testing (~> 2.0)
      rails-html-sanitizer (~> 1.0, >= 1.0.3)
    activesupport (5.2.2.1)
      concurrent-ruby (~> 1.0, >= 1.0.2)
      i18n (>= 0.7, < 2)
      minitest (~> 5.1)
      tzinfo (~> 1.1)
    builder (3.2.3)
    concurrent-ruby (1.1.5)
    crass (1.0.4)
    daemons (1.3.1)
    erubi (1.8.0)
    eventmachine (1.2.7)
    i18n (1.6.0)
      concurrent-ruby (~> 1.0)
    itextomml (1.5.8)
    json (2.2.0)
    loofah (2.2.3)
      crass (~> 1.0.2)
      nokogiri (>= 1.5.9)
    method_source (0.9.2)
    mini_portile2 (2.4.0)
    minitest (5.11.3)
    nokogiri (1.10.1)
      mini_portile2 (~> 2.4.0)
    rack (2.0.6)
    rack-test (1.1.0)
      rack (>= 1.0, < 3)
    rails-dom-testing (2.0.3)
      activesupport (>= 4.2.0)
      nokogiri (>= 1.6)
    rails-html-sanitizer (1.0.4)
      loofah (~> 2.2, >= 2.2.2)
    railties (5.2.2.1)
      actionpack (= 5.2.2.1)
      activesupport (= 5.2.2.1)
      method_source
      rake (>= 0.8.7)
      thor (>= 0.19.0, < 2.0)
    rake (12.3.2)
    syntax (1.1.0)
    thin (1.7.2)
      daemons (~> 1.0, >= 1.0.9)
      eventmachine (~> 1.0, >= 1.0.4)
      rack (>= 1, < 3)
    thor (0.20.3)
    thread_safe (0.3.6)
    tzinfo (1.2.5)
      thread_safe (~> 0.1)

PLATFORMS
  ruby

DEPENDENCIES
  actionpack (~> 5.0)
  itextomml (>= 1.5.5)
  json (~> 2.0)
  maruku!
  railties (~> 5.0)
  syntax (~> 1.1.0)
  thin
  tzinfo

BUNDLED WITH
   1.17.3
